PATH
  remote: .
  specs:
    hola_dmleobit (0.0.4)
      activesupport (~> 4.2, >= 4.2.0)

GEM
  specs:
    activesupport (4.2.11.1)
      i18n (~> 0.7)
      minitest (~> 5.1)
      thread_safe (~> 0.3, >= 0.3.4)
      tzinfo (~> 1.1)
    concurrent-ruby (1.1.10)
    i18n (0.9.5)
      concurrent-ruby (~> 1.0)
    minitest (5.16.3)
    thread_safe (0.3.6)
    tzinfo (1.2.10)
      thread_safe (~> 0.1)

PLATFORMS
  x86_64-darwin-20

DEPENDENCIES
  hola_dmleobit!

BUNDLED WITH
   2.2.30
